GEM
  remote: https://rubygems.org/
  specs:
    RubyInline (3.12.4)
      ZenTest (~> 4.3)
    ZenTest (4.11.2)
    actionmailer (4.0.13)
      actionpack (= 4.0.13)
      mail (~> 2.5, >= 2.5.4)
    actionpack (4.0.13)
      activesupport (= 4.0.13)
      builder (~> 3.1.0)
      erubis (~> 2.7.0)
      rack (~> 1.5.2)
      rack-test (~> 0.6.2)
    activemodel (4.0.13)
      activesupport (= 4.0.13)
      builder (~> 3.1.0)
    activerecord (4.0.13)
      activemodel (= 4.0.13)
      activerecord-deprecated_finders (~> 1.0.2)
      activesupport (= 4.0.13)
      arel (~> 4.0.0)
    activerecord-deprecated_finders (1.0.4)
    activesupport (4.0.13)
      i18n (~> 0.6, >= 0.6.9)
      minitest (~> 4.2)
      multi_json (~> 1.3)
      thread_safe (~> 0.1)
      tzinfo (~> 0.3.37)
    arel (4.0.2)
    autoprefixer-rails (9.5.1)
      execjs
    aws-sdk (1.5.8)
      httparty (~> 0.7)
      json (~> 1.4)
      nokogiri (>= 1.4.4)
      uuidtools (~> 2.1)
    builder (3.1.4)
    byebug (11.0.1)
    climate_control (0.2.0)
    cocaine (0.5.8)
      climate_control (>= 0.0.3, < 1.0)
    concurrent-ruby (1.1.5)
    docile (1.3.1)
    erubis (2.7.0)
    execjs (2.7.0)
    ffi (1.10.0)
    friendly_id (5.2.5)
      activerecord (>= 4.0.0)
    geokit (1.13.1)
    geokit-rails (1.1.4)
      geokit (>= 1.5.0)
    httparty (0.17.0)
      mime-types (~> 3.0)
      multi_xml (>= 0.5.2)
    i18n (0.9.5)
      concurrent-ruby (~> 1.0)
    image_science (1.2.6)
      RubyInline (~> 3.9)
    jshintrb (0.3.0)
      execjs
      multi_json (>= 1.3)
      rake
    json (1.8.6)
    libv8 (3.16.14.19)
    mail (2.7.1)
      mini_mime (>= 0.1.1)
    mime-types (3.2.2)
      mime-types-data (~> 3.2015)
    mime-types-data (3.2019.0331)
    mimemagic (0.3.0)
    mini_mime (1.0.1)
    mini_portile2 (2.4.0)
    minitest (4.7.5)
    multi_json (1.13.1)
    multi_xml (0.6.0)
    mysql2 (0.3.21)
    nokogiri (1.10.3)
      mini_portile2 (~> 2.4.0)
    oa-core (0.3.2)
    oa-openid (0.3.2)
      oa-core (= 0.3.2)
      rack-openid (~> 1.3.1)
      ruby-openid-apps-discovery (~> 1.2.0)
    open_id_authentication (1.3.0)
      rack-openid (~> 1.3)
    paperclip (4.3.7)
      activemodel (>= 3.2.0)
      activesupport (>= 3.2.0)
      cocaine (~> 0.5.5)
      mime-types
      mimemagic (= 0.3.0)
    passenger (6.0.2)
      rack
      rake (>= 0.8.1)
    popper_js (1.14.5)
    power_assert (1.1.4)
    rack (1.5.5)
    rack-openid (1.3.1)
      rack (>= 1.1.0)
      ruby-openid (>= 2.1.8)
    rack-test (0.6.3)
      rack (>= 1.0)
    rails (4.0.13)
      actionmailer (= 4.0.13)
      actionpack (= 4.0.13)
      activerecord (= 4.0.13)
      activesupport (= 4.0.13)
      bundler (>= 1.3.0, < 2.0)
      railties (= 4.0.13)
      sprockets-rails (~> 2.0)
    railties (4.0.13)
      actionpack (= 4.0.13)
      activesupport (= 4.0.13)
      rake (>= 0.8.7)
      thor (>= 0.18.1, < 2.0)
    rake (12.3.2)
    rb-fsevent (0.10.3)
    rb-inotify (0.10.0)
      ffi (~> 1.0)
    rdiscount (2.2.0.1)
    recaptcha (4.14.0)
      json
    ref (2.0.0)
    right_aws (3.1.0)
      right_http_connection (>= 1.2.5)
    right_http_connection (1.5.0)
    ruby-openid (2.7.0)
    ruby-openid-apps-discovery (1.2.0)
      ruby-openid (>= 2.1.7)
    sass (3.7.4)
      sass-listen (~> 4.0.0)
    sass-listen (4.0.0)
      rb-fsevent (~> 0.9, >= 0.9.4)
      rb-inotify (~> 0.9, >= 0.9.7)
    simplecov (0.16.1)
      docile (~> 1.1)
      json (>= 1.8, < 3)
      simplecov-html (~> 0.10.0)
    simplecov-cobertura (1.3.1)
      simplecov (~> 0.8)
    simplecov-html (0.10.2)
    skylight (1.7.2)
      activesupport (>= 3.0.0)
    sprockets (3.7.2)
      concurrent-ruby (~> 1.0)
      rack (> 1, < 3)
    sprockets-rails (2.3.3)
      actionpack (>= 3.0)
      activesupport (>= 3.0)
      sprockets (>= 2.8, < 4.0)
    sqlite3 (1.4.1)
    test-unit (3.3.2)
      power_assert
    therubyracer (0.12.3)
      libv8 (~> 3.16.14.15)
      ref
    thor (0.20.3)
    thread_safe (0.3.6)
    tzinfo (0.3.55)
    uglifier (4.1.20)
      execjs (>= 0.3.0, < 3)
    uuidtools (2.1.5)
    will_paginate (3.1.7)
    will_paginate-bootstrap (1.0.2)
      will_paginate (>= 3.0.3)

PLATFORMS
  ruby

DEPENDENCIES
  RubyInline
  autoprefixer-rails
  aws-sdk (~> 1.5.7)
  byebug
  friendly_id
  geokit-rails (= 1.1.4)
  image_science (= 1.2.6)
  jshintrb
  mysql2 (< 0.4)
  oa-openid (= 0.3.2)
  open_id_authentication
  paperclip (~> 4.3.7)
  passenger
  popper_js (~> 1.11, >= 1.11.1)
  rails (~> 4.0.0)
  rake (~> 12.3.2)
  rdiscount (= 2.2.0.1)
  recaptcha
  right_aws
  ruby-openid (~> 2.5)
  sass
  simplecov
  simplecov-cobertura
  skylight
  sprockets
  sqlite3
  test-unit
  therubyracer
  uglifier
  will_paginate (= 3.1.7)
  will_paginate-bootstrap

RUBY VERSION
   ruby 2.4.6p354

BUNDLED WITH
   1.17.3
